PATH
  remote: .
  specs:
    meditation (0.1.9)
      bundler (~> 2.2.16)
      nokogiri (~> 1.8.1)
      require_all (~> 1.4.0)

GEM
  remote: https://rubygems.org/
  specs:
    coderay (1.1.3)
    method_source (1.0.0)
    mini_portile2 (2.3.0)
    nokogiri (1.8.5)
      mini_portile2 (~> 2.3.0)
    pry (0.14.1)
      coderay (~> 1.1)
      method_source (~> 1.0)
    rake (10.5.0)
    require_all (1.4.0)

PLATFORMS
  x86_64-darwin-18

DEPENDENCIES
  meditation!
  nokogiri
  pry
  rake (~> 10.0)

BUNDLED WITH
   2.2.16
